PATH
  remote: .
  specs:
    forking_test_runner (1.1.0)
      parallel_tests (>= 1.3.7)

GEM
  remote: https://rubygems.org/
  specs:
    bump (0.5.1)
    diff-lcs (1.2.5)
    minitest (5.10.1)
    parallel (1.4.1)
    parallel_tests (1.3.7)
      parallel
    rake (10.4.2)
    rspec (3.2.0)
      rspec-core (~> 3.2.0)
      rspec-expectations (~> 3.2.0)
      rspec-mocks (~> 3.2.0)
    rspec-core (3.2.2)
      rspec-support (~> 3.2.0)
    rspec-expectations (3.2.0)
      diff-lcs (>= 1.2.0, < 2.0)
      rspec-support (~> 3.2.0)
    rspec-mocks (3.2.1)
      diff-lcs (>= 1.2.0, < 2.0)
      rspec-support (~> 3.2.0)
    rspec-support (3.2.2)
    sqlite3 (1.3.11)
    wwtd (1.3.0)

PLATFORMS
  ruby

DEPENDENCIES
  bump
  forking_test_runner!
  minitest
  rake
  rspec
  sqlite3
  wwtd

BUNDLED WITH
   1.15.3
